GEM
  remote: https://rubygems.org/
  specs:
    embulk (0.10.44-java)
      msgpack (>= 1.1.0)
    embulk-output-elasticsearch (0.6.0-java)
    embulk-output-opensearch (1.1.6-java)
    liquid (5.4.0)
    msgpack (1.7.0-java)

GEM
  remote: https://rubygems.pkg.github.com/calorie/
  specs:
    embulk-filter-speedometer (0.4.3)

PLATFORMS
  universal-java-11

DEPENDENCIES
  embulk
  embulk-filter-speedometer!
  embulk-output-elasticsearch
  embulk-output-opensearch
  liquid
  msgpack

BUNDLED WITH
   2.4.10
